PATH
  remote: ../scarpe/scarpe-components
  specs:
    scarpe-components (0.2.1)

PATH
  remote: ../wasify
  specs:
    wasify (0.1.1)

PATH
  remote: .
  specs:
    scarpe-wasm (0.1.0)
      lacci
      scarpe-components

GEM
  remote: https://rubygems.org/
  specs:
    addressable (2.8.5)
      public_suffix (>= 2.0.2, < 6.0)
    capybara (3.39.2)
      addressable
      matrix
      mini_mime (>= 0.1.3)
      nokogiri (~> 1.8)
      rack (>= 1.6.0)
      rack-test (>= 0.6.3)
      regexp_parser (>= 1.5, < 3.0)
      xpath (~> 3.2)
    lacci (0.2.1)
    matrix (0.4.2)
    mini_mime (1.1.5)
    mini_portile2 (2.8.4)
    minitest (5.19.0)
    nokogiri (1.15.4)
      mini_portile2 (~> 2.8.2)
      racc (~> 1.4)
    nokogiri (1.15.4-x86_64-darwin)
      racc (~> 1.4)
    public_suffix (5.0.3)
    racc (1.7.1)
    rack (3.0.8)
    rack-test (2.1.0)
      rack (>= 1.3)
    rake (13.0.6)
    regexp_parser (2.8.1)
    rexml (3.2.6)
    rubyzip (2.3.2)
    selenium-webdriver (4.11.0)
      rexml (~> 3.2, >= 3.2.5)
      rubyzip (>= 1.2.2, < 3.0)
      websocket (~> 1.0)
    webrick (1.8.1)
    websocket (1.2.9)
    xpath (3.2.0)
      nokogiri (~> 1.8)

PLATFORMS
  wasm32-unknown
  x86_64-darwin-22

DEPENDENCIES
  capybara
  minitest (~> 5.0)
  rake (~> 13.0)
  scarpe-components!
  scarpe-wasm!
  selenium-webdriver
  wasify!
  webrick

BUNDLED WITH
   2.4.14
