GIT
  remote: https://github.com/AlawysDelta/wasify.git
  revision: 3f455dac7a2bfc4b76a7976c7a1c39a09d2ec2fd
  specs:
    wasify (0.1.1)

GIT
  remote: https://github.com/scarpe-team/scarpe.git
  revision: c87b7d99629fa362ac7289189bba69d6ae515f09
  branch: main
  glob: lacci/*.gemspec
  specs:
    lacci (0.2.2)

GIT
  remote: https://github.com/scarpe-team/scarpe.git
  revision: c87b7d99629fa362ac7289189bba69d6ae515f09
  branch: main
  glob: scarpe-components/*.gemspec
  specs:
    scarpe-components (0.2.2)

PATH
  remote: ..
  specs:
    scarpe-wasm (0.1.0)
      lacci
      scarpe-components

GEM
  remote: https://rubygems.org/
  specs:

PLATFORMS
  wasm32-unknown
  x86_64-darwin-22
  x86_64-linux

DEPENDENCIES
  lacci!
  scarpe-components!
  scarpe-wasm!
  wasify!

BUNDLED WITH
   2.4.14
