GIT
  remote: https://github.com/AlawysDelta/wasify.git
  revision: 3f455dac7a2bfc4b76a7976c7a1c39a09d2ec2fd
  specs:
    wasify (0.1.1)

GIT
  remote: https://github.com/scarpe-team/scarpe.git
  revision: 296af9b72b21301fe89da6b096d1009966c0baf8
  glob: lacci/*.gemspec
  specs:
    lacci (0.2.1)

GIT
  remote: https://github.com/scarpe-team/scarpe.git
  revision: 296af9b72b21301fe89da6b096d1009966c0baf8
  glob: scarpe-components/*.gemspec
  specs:
    scarpe-components (0.2.1)

PATH
  remote: ../..
  specs:
    scarpe-wasm (0.1.0)
      lacci
      scarpe-components

GEM
  remote: https://rubygems.org/
  specs:
    webrick (1.8.1)

PLATFORMS
  wasm32-unknown
  x86_64-darwin-22

DEPENDENCIES
  lacci!
  scarpe-components!
  scarpe-wasm!
  wasify!
  webrick

BUNDLED WITH
   2.4.14
