PATH
  remote: ../../../scarpe/lacci
  specs:
    lacci (0.2.1)

PATH
  remote: ../../../scarpe/scarpe-components
  specs:
    scarpe-components (0.2.1)

PATH
  remote: ../../../wasify
  specs:
    wasify (0.1.1)

PATH
  remote: ../..
  specs:
    scarpe-wasm (0.1.0)
      lacci
      scarpe-components

GEM
  remote: https://rubygems.org/
  specs:
    webrick (1.8.1)

PLATFORMS
  wasm32-unknown
  x86_64-darwin-22

DEPENDENCIES
  lacci!
  scarpe-components!
  scarpe-wasm!
  wasify!
  webrick

BUNDLED WITH
   2.4.14
